GIT
  remote: https://github.com/him0/broadlink_rm
  revision: 3b69e6bf6ac10dda8907c7d7f5352e666ca9ca48
  specs:
    broadlink_rm (0.0.1)

GEM
  remote: https://rubygems.org/
  specs:
    backports (3.10.3)
    foreman (0.84.0)
      thor (~> 0.19.1)
    multi_json (1.12.2)
    mustermann (1.0.1)
    puma (3.11.0)
    rack (2.0.3)
    rack-contrib (2.0.0)
      rack (~> 2.0)
    rack-protection (2.0.0)
      rack
    sinatra (2.0.0)
      mustermann (~> 1.0)
      rack (~> 2.0)
      rack-protection (= 2.0.0)
      tilt (~> 2.0)
    sinatra-contrib (2.0.0)
      backports (>= 2.0)
      multi_json
      mustermann (~> 1.0)
      rack-protection (= 2.0.0)
      sinatra (= 2.0.0)
      tilt (>= 1.3, < 3)
    sqlite3 (1.3.13)
    thor (0.19.4)
    tilt (2.0.8)

PLATFORMS
  ruby

DEPENDENCIES
  broadlink_rm!
  foreman
  puma
  rack
  rack-contrib
  sinatra
  sinatra-contrib
  sqlite3

BUNDLED WITH
   1.16.0
