GEM
  specs:
    dotenv (2.0.2)
    foreman (0.78.0)
      thor (~> 0.19.1)
    puma (3.6.0)
    rack (1.6.4)
    rack-protection (1.5.3)
      rack
    sinatra (1.4.7)
      rack (~> 1.5)
      rack-protection (~> 1.4)
      tilt (>= 1.3, < 3)
    thor (0.19.1)
    tilt (2.0.2)

PLATFORMS
  ruby

DEPENDENCIES
  dotenv
  foreman
  puma
  rack
  sinatra

RUBY VERSION
   ruby 2.3.1p112

BUNDLED WITH
   1.12.5
