GEM
  specs:
    dotenv (2.0.2)

PLATFORMS
  ruby

DEPENDENCIES
  dotenv

RUBY VERSION
   ruby 2.3.1p112

BUNDLED WITH
   1.12.5
